GEM
  remote: https://rubygems.org/
  specs:
    gammo (0.3.0)

PLATFORMS
  ruby

DEPENDENCIES
  gammo

BUNDLED WITH
   2.1.4
